PATH
  remote: .
  specs:
    socialcalc-rails (0.1.0)

GEM
  remote: https://rubygems.org/
  specs:

PLATFORMS
  ruby

DEPENDENCIES
  socialcalc-rails!

BUNDLED WITH
   1.13.6
